GEM
  remote: https://rubygems.org/
  specs:
    CFPropertyList (3.0.7)
      base64
      nkf
      rexml
    activesupport (8.0.1)
      base64
      benchmark (>= 0.3)
      bigdecimal
      concurrent-ruby (~> 1.0, >= 1.3.1)
      connection_pool (>= 2.2.5)
      drb
      i18n (>= 1.6, < 2)
      logger (>= 1.4.2)
      minitest (>= 5.1)
      securerandom (>= 0.3)
      tzinfo (~> 2.0, >= 2.0.5)
      uri (>= 0.13.1)
    addressable (2.8.7)
      public_suffix (>= 2.0.2, < 7.0)
    backticks (1.0.5)
    base64 (0.2.0)
    benchmark (0.4.0)
    bigdecimal (3.1.9)
    blockenspiel (0.5.0)
    colored (1.2)
    colored2 (4.0.3)
    concurrent-ruby (1.3.5)
    connection_pool (2.5.0)
    cri (2.15.12)
    deep_merge (1.2.2)
    diff-lcs (1.5.1)
    drb (2.2.1)
    erubi (1.13.1)
    facter (4.10.0)
      hocon (~> 1.3)
      thor (>= 1.0.1, < 1.3)
    faraday (2.12.2)
      faraday-net_http (>= 2.0, < 3.5)
      json
      logger
    faraday-follow_redirects (0.3.0)
      faraday (>= 1, < 3)
    faraday-net_http (3.4.0)
      net-http (>= 0.5.0)
    fast_gettext (2.4.0)
      prime
    forwardable (1.3.3)
    getoptlong (0.2.1)
    gettext (3.5.1)
      erubi
      locale (>= 2.0.5)
      prime
      racc
      text (>= 1.3.0)
    gettext-setup (1.1.0)
      fast_gettext (~> 2.1)
      gettext (~> 3.4)
      locale
    git (2.3.3)
      activesupport (>= 5.0)
      addressable (~> 2.8)
      process_executer (~> 1.1)
      rchardet (~> 1.8)
    hocon (1.4.0)
    i18n (1.14.7)
      concurrent-ruby (~> 1.0)
    json (2.9.1)
    jwt (2.10.1)
      base64
    little-plugger (1.1.4)
    locale (2.1.4)
    log4r (1.1.10)
    logger (1.6.5)
    logging (2.4.0)
      little-plugger (~> 1.1)
      multi_json (~> 1.14)
    minitar (1.0.2)
    minitest (5.25.4)
    mocha (2.7.1)
      ruby2_keywords (>= 0.0.5)
    multi_json (1.15.0)
    net-http (0.6.0)
      uri
    nkf (0.2.0)
    onceover (4.0.0)
      backticks (>= 1.0.2)
      colored (>= 1.2)
      cri (>= 2.6)
      deep_merge (>= 1.0.0)
      git
      logging (>= 2.0.0)
      multi_json (>= 1.10)
      parallel_tests (>= 2.0.0)
      puppet (>= 4.0)
      puppetlabs_spec_helper (>= 0.4.0)
      r10k (>= 2.1.0)
      rake (>= 10.0.0)
      rspec (>= 3.0.0)
      rspec-puppet (>= 2.4.0)
      rspec_junit_formatter (>= 0.2.0)
      terminal-table (>= 1.8.0)
      versionomy (>= 0.5.0)
    parallel (1.26.3)
    parallel_tests (4.9.0)
      parallel
    pathspec (2.1.0)
    prime (0.1.3)
      forwardable
      singleton
    process_executer (1.2.0)
    public_suffix (6.0.1)
    puppet (8.10.0-universal-darwin)
      CFPropertyList (>= 3.0.6, < 4)
      concurrent-ruby (~> 1.0)
      deep_merge (~> 1.0)
      facter (>= 4.3.0, < 5)
      fast_gettext (>= 2.1, < 4)
      getoptlong (~> 0.2.0)
      locale (~> 2.1)
      multi_json (~> 1.13)
      puppet-resource_api (~> 1.5)
      scanf (~> 1.0)
      semantic_puppet (~> 1.0)
    puppet-lint (4.2.4)
    puppet-resource_api (1.9.0)
      hocon (>= 1.0)
    puppet-syntax (4.1.1)
      puppet (>= 7, < 9)
      rake (~> 13.1)
    puppet_forge (6.0.0)
      faraday (~> 2.0)
      faraday-follow_redirects (~> 0.3.0)
      minitar (~> 1.0, >= 1.0.2)
      semantic_puppet (~> 1.0)
    puppetlabs_spec_helper (8.0.0)
      mocha (>= 1.0, < 3)
      pathspec (>= 0.2, < 3)
      puppet-lint (~> 4.0)
      puppet-syntax (~> 4.1, >= 4.1.1)
      rspec-github (~> 2.0)
      rspec-puppet (~> 5.0)
    r10k (5.0.0)
      colored2 (~> 4.0)
      cri (>= 2.15.10)
      gettext-setup (>= 0.24, < 2.0)
      jwt (>= 2.2.3, < 3)
      log4r (= 1.1.10)
      minitar (>= 0.9, < 2)
      multi_json (~> 1.10)
      puppet_forge (>= 4.1.0, < 7)
    racc (1.8.1)
    rake (13.2.1)
    rchardet (1.9.0)
    rexml (3.4.0)
    rspec (3.13.0)
      rspec-core (~> 3.13.0)
      rspec-expectations (~> 3.13.0)
      rspec-mocks (~> 3.13.0)
    rspec-core (3.13.2)
      rspec-support (~> 3.13.0)
    rspec-expectations (3.13.3)
      diff-lcs (>= 1.2.0, < 2.0)
      rspec-support (~> 3.13.0)
    rspec-github (2.4.0)
      rspec-core (~> 3.0)
    rspec-mocks (3.13.2)
      diff-lcs (>= 1.2.0, < 2.0)
      rspec-support (~> 3.13.0)
    rspec-puppet (5.0.0)
      rspec (~> 3.0)
    rspec-support (3.13.2)
    rspec_junit_formatter (0.6.0)
      rspec-core (>= 2, < 4, != 2.12.0)
    ruby2_keywords (0.0.5)
    scanf (1.0.0)
    securerandom (0.4.1)
    semantic_puppet (1.1.1)
    singleton (0.3.0)
    terminal-table (4.0.0)
      unicode-display_width (>= 1.1.1, < 4)
    text (1.3.1)
    thor (1.2.2)
    tzinfo (2.0.6)
      concurrent-ruby (~> 1.0)
    unicode-display_width (3.1.4)
      unicode-emoji (~> 4.0, >= 4.0.4)
    unicode-emoji (4.0.4)
    uri (1.0.2)
    versionomy (0.5.0)
      blockenspiel (~> 0.5)

PLATFORMS
  arm64-darwin-24

DEPENDENCIES
  onceover
  puppet
  puppet-lint
  puppet-syntax
  rake

BUNDLED WITH
   2.4.19
